GEM
  remote: https://rubygems.org/
  specs:
    activesupport (6.0.6.1)
      concurrent-ruby (~> 1.0, >= 1.0.2)
      i18n (>= 0.7, < 2)
      minitest (~> 5.1)
      tzinfo (~> 1.1)
      zeitwerk (~> 2.2, >= 2.2.2)
    ast (2.4.2)
    concurrent-ruby (1.2.0)
    diff-lcs (1.4.4)
    dragontk (1.16.0)
      moon-logfmt (>= 1.1)
      rspec (~> 3.2)
      rubocop (~> 0.49)
      yajl-ruby (~> 1.2)
      yard (~> 0.9.11)
    i18n (1.12.0)
      concurrent-ruby (~> 1.0)
    json (2.6.1)
    minil (0.23.0)
      rake (>= 11.0)
      rspec (~> 3.10)
    minitest (5.17.0)
    moon-logfmt (1.2.0)
      moon-null_io (~> 1.0, >= 1.0.1)
    moon-null_io (1.0.1)
    parallel (1.21.0)
    parser (3.0.2.0)
      ast (~> 2.4.1)
    rainbow (3.0.0)
    rake (13.0.6)
    regexp_parser (2.1.1)
    rexml (3.2.5)
    rspec (3.10.0)
      rspec-core (~> 3.10.0)
      rspec-expectations (~> 3.10.0)
      rspec-mocks (~> 3.10.0)
    rspec-core (3.10.1)
      rspec-support (~> 3.10.0)
    rspec-expectations (3.10.1)
      diff-lcs (>= 1.2.0, < 2.0)
      rspec-support (~> 3.10.0)
    rspec-mocks (3.10.2)
      diff-lcs (>= 1.2.0, < 2.0)
      rspec-support (~> 3.10.0)
    rspec-support (3.10.3)
    rubocop (0.93.1)
      parallel (~> 1.10)
      parser (>= 2.7.1.5)
      rainbow (>= 2.2.2, < 4.0)
      regexp_parser (>= 1.8)
      rexml
      rubocop-ast (>= 0.6.0)
      ruby-progressbar (~> 1.7)
      unicode-display_width (>= 1.4.0, < 2.0)
    rubocop-ast (1.12.0)
      parser (>= 3.0.1.1)
    ruby-progressbar (1.11.0)
    scrapyard (1.3.0)
    thread_safe (0.3.6)
    tzinfo (1.2.11)
      thread_safe (~> 0.1)
    unicode-display_width (1.8.0)
    yajl-ruby (1.4.1)
    yard (0.9.26)
    zeitwerk (2.6.6)

PLATFORMS
  ruby

DEPENDENCIES
  activesupport (~> 6.0.6)
  dragontk (~> 1.15)
  json
  minil (~> 0.23)
  scrapyard (~> 1.1)

BUNDLED WITH
   2.2.15
